GEM
  remote: http://rubygems.org/
  specs:
    addressable (2.5.1)
      public_suffix (~> 2.0, >= 2.0.2)
    artifactory (2.8.2)
    diff-lcs (1.3)
    facter (2.5.0)
    faraday (0.9.2)
      multipart-post (>= 1.2, < 3)
    faraday_middleware (0.10.1)
      faraday (>= 0.7.4, < 1.0)
    fast_gettext (1.1.0)
    ffi (1.9.18)
    ffi-win32-extensions (1.0.3)
      ffi
    gettext (3.2.4)
      locale (>= 2.0.5)
      text (>= 1.3.0)
    gettext-setup (0.26)
      fast_gettext (~> 1.1.0)
      gettext (>= 3.0.2)
      locale
    hiera (1.3.4)
      json_pure
    json-schema (2.8.0)
      addressable (>= 2.4)
    json_pure (2.1.0)
    kitchen-puppet (3.1.0)
      net-ssh (>= 3)
      test-kitchen (~> 1.4)
    kitchen-ssh (0.0.12)
      minitar (~> 0.5)
    kitchen-sync (2.2.0)
      net-sftp
      test-kitchen (>= 1.0.0)
    kitchen-vagrant (1.2.0)
      test-kitchen (~> 1.4)
    kitchen-verifier-serverspec (0.6.8)
      net-ssh (>= 3)
      test-kitchen (~> 1.4)
    librarian-puppet (2.2.3)
      librarianp (>= 0.6.3)
      puppet_forge (~> 2.1)
      rsync
    librarianp (0.6.3)
      thor (~> 0.15)
    locale (2.1.2)
    metaclass (0.0.4)
    metadata-json-lint (2.0.2)
      json-schema (~> 2.8)
      spdx-licenses (~> 1.0)
    minitar (0.6.1)
    mixlib-install (2.1.12)
      artifactory
      mixlib-shellout
      mixlib-versioning
      thor
    mixlib-shellout (2.3.2)
    mixlib-versioning (1.2.2)
    mocha (1.2.1)
      metaclass (~> 0.0.1)
    multi_json (1.12.1)
    multipart-post (2.0.0)
    net-scp (1.2.1)
      net-ssh (>= 2.6.5)
    net-sftp (2.1.2)
      net-ssh (>= 2.6.5)
    net-ssh (4.1.0)
    net-ssh-gateway (1.3.0)
      net-ssh (>= 2.6.5)
    net-telnet (0.1.1)
    public_suffix (2.0.5)
    puppet (3.8.7)
      facter (> 1.6, < 3)
      hiera (~> 1.0)
      json_pure
    puppet-lint (2.3.0)
    puppet-syntax (2.4.1)
      rake
    puppet_forge (2.2.7)
      faraday (~> 0.9.0)
      faraday_middleware (>= 0.9.0, < 0.11.0)
      gettext-setup (~> 0.11)
      minitar
      semantic_puppet (~> 1.0)
    puppetlabs_spec_helper (2.3.2)
      mocha (~> 1.0)
      puppet-lint (~> 2.0)
      puppet-syntax (~> 2.0)
      rspec-puppet (~> 2.0)
    rake (12.0.0)
    rspec (3.6.0)
      rspec-core (~> 3.6.0)
      rspec-expectations (~> 3.6.0)
      rspec-mocks (~> 3.6.0)
    rspec-core (3.6.0)
      rspec-support (~> 3.6.0)
    rspec-expectations (3.6.0)
      diff-lcs (>= 1.2.0, < 2.0)
      rspec-support (~> 3.6.0)
    rspec-its (1.2.0)
      rspec-core (>= 3.0.0)
      rspec-expectations (>= 3.0.0)
    rspec-mocks (3.6.0)
      diff-lcs (>= 1.2.0, < 2.0)
      rspec-support (~> 3.6.0)
    rspec-puppet (2.6.8)
      rspec
    rspec-support (3.6.0)
    rspec_junit_formatter (0.3.0)
      rspec-core (>= 2, < 4, != 2.12.0)
    rsync (1.0.9)
    safe_yaml (1.0.4)
    semantic_puppet (1.0.1)
      gettext-setup (>= 0.3)
    serverspec (2.40.0)
      multi_json
      rspec (~> 3.0)
      rspec-its
      specinfra (~> 2.68)
    sfl (2.3)
    spdx-licenses (1.1.0)
    specinfra (2.70.1)
      net-scp
      net-ssh (>= 2.7, < 5.0)
      net-telnet
      sfl
    test-kitchen (1.17.0)
      mixlib-install (>= 1.2, < 3.0)
      mixlib-shellout (>= 1.2, < 3.0)
      net-scp (~> 1.1)
      net-ssh (>= 2.9, < 5.0)
      net-ssh-gateway (~> 1.2)
      safe_yaml (~> 1.0)
      thor (~> 0.19, < 0.19.2)
    text (1.3.1)
    thor (0.19.1)
    tilt (2.0.8)
    vagrant-wrapper (2.0.3)
    win32-dir (0.5.1)
      ffi (>= 1.0.0)
    win32-process (0.8.3)
      ffi (>= 1.0.0)
    win32-service (0.8.10)
      ffi
      ffi-win32-extensions

PLATFORMS
  ruby

DEPENDENCIES
  ffi
  kitchen-puppet
  kitchen-ssh
  kitchen-sync
  kitchen-vagrant
  kitchen-verifier-serverspec
  librarian-puppet
  metadata-json-lint
  net-ssh
  puppet (~> 3.8)
  puppet-lint
  puppetlabs_spec_helper
  rake
  rspec_junit_formatter
  serverspec
  test-kitchen
  tilt
  vagrant-wrapper
  win32-dir
  win32-process
  win32-service

BUNDLED WITH
   1.15.3
